GEM
  remote: https://rubygems.org/
  specs:
    diff-lcs (1.1.3)
    facter (1.6.17)
    hiera (1.1.2)
      json_pure
    inifile (2.0.2)
    json_pure (1.7.7)
    metaclass (0.0.1)
    mocha (0.13.2)
      metaclass (~> 0.0.1)
    puppet (3.1.0)
      facter (~> 1.6)
      hiera (~> 1.0)
    puppetlabs_spec_helper (0.4.1)
      mocha (>= 0.10.5)
      rake
      rspec (>= 2.9.0)
      rspec-puppet (>= 0.1.1)
    rake (10.0.3)
    rspec (2.12.0)
      rspec-core (~> 2.12.0)
      rspec-expectations (~> 2.12.0)
      rspec-mocks (~> 2.12.0)
    rspec-core (2.12.2)
    rspec-expectations (2.12.1)
      diff-lcs (~> 1.1.3)
    rspec-mocks (2.12.2)
    rspec-puppet (0.1.6)
      rspec

PLATFORMS
  ruby

DEPENDENCIES
  inifile
  puppet
  puppetlabs_spec_helper
